GEM
  remote: https://rubygems.org/
  specs:
    minitest (5.8.4)
    rake (12.0.0)

PLATFORMS
  ruby

DEPENDENCIES
  minitest (~> 5.8)
  rake (~> 12.0)

RUBY VERSION
   ruby 2.4.1p111

BUNDLED WITH
   1.14.6
